Brain Vision Data Exchange Header File Version 1.0
; Data created by the Vision Recorder

[Common Infos]
Codepage=UTF-8
DataFile=LK080421GRF_005.eeg
MarkerFile=LK080421GRF_005.vmrk
DataFormat=BINARY
; Data orientation: MULTIPLEXED=ch1,pt1, ch2,pt1 ...
DataOrientation=MULTIPLEXED
NumberOfChannels=8
; Sampling interval in microseconds
SamplingInterval=4000

[Binary Infos]
BinaryFormat=INT_16

[Channel Infos]
; Each entry: Ch<Channel number>=<Name>,<Reference channel name>,
; <Resolution in "Unit">,<Unit>, Future extensions..
; Fields are delimited by commas, some fields might be omitted (empty).
; Commas in channel names are coded as "\1".
Ch1=O1,,0.1,µV
Ch2=O2,,0.1,µV
Ch3=T5,,0.1,µV
Ch4=P3,,0.1,µV
Ch5=Pz,,0.1,µV
Ch6=P4,,0.1,µV
Ch7=T6,,0.1,µV
Ch8=Ref,,0.1,µV

[Comment]

BrainVision Recorder Professional   -   V. 1.20.0701


A m p l i f i e r  S e t u p
============================
Number of channels: 8
Sampling Rate [Hz]: 250
Sampling Interval [µS]: 4000

Channels
--------
#     Name      Phys. Chn.    Resolution / Unit   Low Cutoff [s]   High Cutoff [Hz]   Notch [Hz]    Series Res. [kOhm] Gradient         Offset
1     O1          1                0.1 µV             10              250              Off                0                 
2     O2          2                0.1 µV             10              250              Off                0                 
3     T5          3                0.1 µV             10              250              Off                0                 
4     P3          4                0.1 µV             10              250              Off                0                 
5     Pz          5                0.1 µV             10              250              Off                0                 
6     P4          6                0.1 µV             10              250              Off                0                 
7     T6          7                0.1 µV             10              250              Off                0                 
8     Ref         8                0.1 µV             10              250              Off                0                 

S o f t w a r e  F i l t e r s
==============================
Disabled


No impedance values available at 16:57:05!
